GEM
remote: https://rubygems.org/
specs:
github-pages (232)
jekyll (>= 4.3.2, < 5.0)
jekyll-feed (= 0.16.0)
jekyll-seo-tag (~> 2.8)
jekyll (4.3.2)
jekyll-sass-converter (~> 2.1)
jekyll-feed (0.16.0)
jekyll-sass-converter (2.1.0)
jekyll-seo-tag (2.8.0)

PLATFORMS
ruby

DEPENDENCIES
github-pages
jekyll (~> 4.3)
jekyll-feed (~> 0.16.0)
jekyll-seo-tag (~> 2.8)
