GEM
remote: https://rubygems.org/
specs:
jekyll (4.3.3)
addressable (~> 2.8)
emojis (~> 0.6)
liquid (~> 4.0)
mercenary (~> 0.4)
rouge (~> 3.0)
terminal-table (~> 2.0)
zeitwerk (~> 2.6)
jekyll-feed (0.17.0)
jekyll (>= 3.8.0, < 5.0)
jekyll-remote-theme (0.4.3)
jekyll (~> 3.8)
webrick (1.8.1)

PLATFORMS
ruby

DEPENDENCIES
jekyll
jekyll-feed
jekyll-remote-theme
webrick
